GEM
  remote: https://rubygems.org/
  specs:
    mini_portile2 (2.3.0)
    nokogiri (1.8.1-x86-mingw32)
      mini_portile2 (~> 2.3.0)

PLATFORMS
  x86-mingw32

DEPENDENCIES
  nokogiri (~> 1.8)

BUNDLED WITH
   1.16.1
